GEM
  remote: http://rubygems.org/
  specs:
    cssmin (1.0.3)
    daemons (1.1.9)
    eventmachine (1.0.3)
    jsmin (1.0.1)
    rack (1.5.2)
    rack-protection (1.5.0)
      rack
    sequel (4.0.0)
    sinatra (1.4.3)
      rack (~> 1.4)
      rack-protection (~> 1.4)
      tilt (~> 1.3, >= 1.3.4)
    thin (1.5.1)
      daemons (>= 1.0.9)
      eventmachine (>= 0.12.6)
      rack (>= 1.0.0)
    tilt (1.4.1)

PLATFORMS
  ruby

DEPENDENCIES
  cssmin
  jsmin
  sequel
  sinatra
  thin
